PATH
  remote: .
  specs:
    stringfu (0.0.5)

GEM
  remote: http://rubygems.org/
  specs:
    uea-stemmer (0.10.1)

PLATFORMS
  ruby

DEPENDENCIES
  stringfu!
  uea-stemmer
